GEM
  remote: https://rubygems.org/
  specs:
    coderay (1.1.3)
    deepsort (0.4.2)
    google-protobuf (3.12.2)
    googleapis-common-protos-types (1.0.5)
      google-protobuf (~> 3.11)
    grpc (1.28.0)
      google-protobuf (~> 3.11)
      googleapis-common-protos-types (~> 1.0)
    grpc-tools (1.28.0)
    method_source (1.0.0)
    minitest (5.14.1)
    minitest-hooks (1.5.0)
      minitest (> 5.3)
    pry (0.13.1)
      coderay (~> 1.1)
      method_source (~> 1.0)
    rb-readline (0.5.5)

PLATFORMS
  ruby

DEPENDENCIES
  deepsort (= 0.4.2)
  google-protobuf (= 3.12.2)
  grpc (= 1.28.0)
  grpc-tools (= 1.28.0)
  minitest (~> 5.6)
  minitest-hooks (~> 1.5.0)
  pry (~> 0.10)
  rb-readline (~> 0.5)

BUNDLED WITH
   2.1.4
