GEM
  remote: https://rubygems.org/
  specs:
    coderay (1.1.2)
    deepsort (0.4.2)
    google-protobuf (3.8.0)
    googleapis-common-protos-types (1.0.4)
      google-protobuf (~> 3.0)
    grpc (1.18.0)
      google-protobuf (~> 3.1)
      googleapis-common-protos-types (~> 1.0.0)
    grpc-tools (1.18.0)
    method_source (0.9.2)
    minitest (5.11.3)
    minitest-hooks (1.5.0)
      minitest (> 5.3)
    pry (0.12.2)
      coderay (~> 1.1.0)
      method_source (~> 0.9.0)
    rb-readline (0.5.5)

PLATFORMS
  ruby

DEPENDENCIES
  deepsort (= 0.4.2)
  google-protobuf (= 3.8.0)
  grpc (= 1.18.0)
  grpc-tools (= 1.18.0)
  minitest (~> 5.6)
  minitest-hooks (~> 1.5.0)
  pry (~> 0.10)
  rb-readline (~> 0.5)

BUNDLED WITH
   1.17.2
