GEM
  remote: https://rubygems.org/
  specs:
    bigdecimal (3.1.8)
    coderay (1.1.3)
    deepsort (0.4.2)
    google-protobuf (4.27.2)
      bigdecimal
      rake (>= 13)
    googleapis-common-protos-types (1.15.0)
      google-protobuf (>= 3.18, < 5.a)
    grpc (1.65.2)
      google-protobuf (>= 3.25, < 5.0)
      googleapis-common-protos-types (~> 1.0)
    grpc-tools (1.28.0)
    method_source (1.0.0)
    minitest (5.14.1)
    minitest-hooks (1.5.0)
      minitest (> 5.3)
    pry (0.13.1)
      coderay (~> 1.1)
      method_source (~> 1.0)
    rake (13.2.1)
    rb-readline (0.5.5)

PLATFORMS
  ruby

DEPENDENCIES
  deepsort (= 0.4.2)
  google-protobuf (= 4.27.2)
  grpc (= 1.65.2)
  grpc-tools (= 1.28.0)
  minitest (~> 5.6)
  minitest-hooks (~> 1.5.0)
  pry (~> 0.10)
  rb-readline (~> 0.5)

BUNDLED WITH
   2.1.4
